PATH
  remote: .
  specs:
    business_time (0.4.0)
      activesupport (~> 3.0.11)
      tzinfo (>= 0.3.31)

GEM
  remote: http://rubygems.org/
  specs:
    activesupport (3.0.11)
    rake (0.9.2.2)
    shoulda (2.11.3)
    tzinfo (0.3.31)

PLATFORMS
  ruby

DEPENDENCIES
  business_time!
  rake
  shoulda
